GEM
  remote: https://rubygems.org/
  specs:
    bigdecimal (3.1.8)
    matrix (0.4.2)
    pdf-core (0.10.0)
    prawn (2.5.0)
      matrix (~> 0.4)
      pdf-core (~> 0.10.0)
      ttfunk (~> 1.8)
    prawn-table (0.2.2)
      prawn (>= 1.3.0, < 3.0.0)
    ttfunk (1.8.0)
      bigdecimal (~> 3.1)

PLATFORMS
  ruby
  x86_64-linux

DEPENDENCIES
  prawn (~> 2.5)
  prawn-table (~> 0.2.2)

BUNDLED WITH
   2.5.19
